{
	"Modality": "MR",
	"MagneticFieldStrength": 3,
	"ImagingFrequency": 123.259,
	"Manufacturer": "Siemens",
	"ManufacturersModelName": "Prisma_fit",
	"InstitutionName": "South China Normal University",
	"InstitutionalDepartmentName": "Department",
	"InstitutionAddress": "Street StreetNo,Guangzhou,District,CN,ZIP",
	"DeviceSerialNumber": "167081",
	"StationName": "MRC35464",
	"BodyPartExamined": "BRAIN",
	"PatientPosition": "HFS",
	"ProcedureStepDescription": "SCNU^bingke_yuan",
	"SoftwareVersions": "syngo MR E11",
	"MRAcquisitionType": "2D",
	"SeriesDescription": "lsby",
	"ProtocolName": "lsby",
	"ScanningSequence": "EP",
	"SequenceVariant": "SK",
	"ScanOptions": "FS",
	"SequenceName": "*epfid2d1_64",
	"ImageType": ["ORIGINAL", "PRIMARY", "M", "ND", "MOSAIC"],
	"SeriesNumber": 3,
	"AcquisitionTime": "16:31:49.642500",
	"AcquisitionNumber": 1,
	"SliceThickness": 3,
	"SpacingBetweenSlices": 3,
	"SAR": 0.0902356,
	"EchoTime": 0.03,
	"RepetitionTime": 1.5,
	"FlipAngle": 90,
	"PartialFourier": 1,
	"BaseResolution": 64,
	"ShimSetting": [
		-1962,
		-7225,
		-8427,
		576,
		113,
		-247,
		-154,
		-10	],
	"TxRefAmp": 230.402,
	"PhaseResolution": 1,
	"ReceiveCoilName": "HeadNeck_64",
	"ReceiveCoilActiveElements": "HC1-7;NC1",
	"PulseSequenceDetails": "%SiemensSeq%\\ep2d_bold",
	"RefLinesPE": 32,
	"ConsistencyInfo": "N4_VE11E_LATEST_20181129",
	"MultibandAccelerationFactor": 2,
	"PercentPhaseFOV": 100,
	"PercentSampling": 100,
	"EchoTrainLength": 64,
	"PhaseEncodingSteps": 64,
	"AcquisitionMatrixPE": 64,
	"ReconMatrixPE": 64,
	"BandwidthPerPixelPhaseEncode": 31.888,
	"EffectiveEchoSpacing": 0.000489996,
	"DerivedVendorReportedEchoSpacing": 0.000489996,
	"TotalReadoutTime": 0.0308698,
	"PixelBandwidth": 2520,
	"DwellTime": 3.1e-06,
	"PhaseEncodingDirection": "j-",
	"SliceTiming": [
		0.7075,
		0,
		0.7725,
		0.065,
		0.8375,
		0.13,
		0.9025,
		0.195,
		0.965,
		0.2575,
		1.03,
		0.3225,
		1.095,
		0.3875,
		1.16,
		0.4525,
		1.2225,
		0.515,
		1.2875,
		0.58,
		1.3525,
		0.645,
		1.4175,
		0.7075,
		0,
		0.7725,
		0.065,
		0.8375,
		0.13,
		0.9025,
		0.195,
		0.965,
		0.2575,
		1.03,
		0.3225,
		1.095,
		0.3875,
		1.16,
		0.4525,
		1.2225,
		0.515,
		1.2875,
		0.58,
		1.3525,
		0.645,
		1.4175	],
	"ImageOrientationPatientDICOM": [
		0.999705,
		0.00254063,
		0.0241651,
		-1.32212e-08,
		0.994519,
		-0.104559	],
	"InPlanePhaseEncodingDirectionDICOM": "COL",
	"ConversionSoftware": "dcm2niix",
	"ConversionSoftwareVersion": "v1.0.20201102"
}
