{
	"Modality": "MR",
	"MagneticFieldStrength": 3,
	"ImagingFrequency": 123.259,
	"Manufacturer": "Siemens",
	"ManufacturersModelName": "Prisma_fit",
	"InstitutionName": "South China Normal University",
	"InstitutionalDepartmentName": "Department",
	"InstitutionAddress": "Street StreetNo,Guangzhou,District,CN,ZIP",
	"DeviceSerialNumber": "167081",
	"StationName": "MRC35464",
	"BodyPartExamined": "BRAIN",
	"PatientPosition": "HFS",
	"ProcedureStepDescription": "SCNU^bingke_yuan",
	"SoftwareVersions": "syngo MR E11",
	"MRAcquisitionType": "2D",
	"SeriesDescription": "lsbg",
	"ProtocolName": "lsbg",
	"ScanningSequence": "EP",
	"SequenceVariant": "SK",
	"ScanOptions": "FS",
	"SequenceName": "*epfid2d1_64",
	"ImageType": ["ORIGINAL", "PRIMARY", "M", "ND", "MOSAIC"],
	"SeriesNumber": 4,
	"AcquisitionTime": "15:03:57.387500",
	"AcquisitionNumber": 1,
	"SliceThickness": 3,
	"SpacingBetweenSlices": 3,
	"SAR": 0.0632377,
	"EchoTime": 0.03,
	"RepetitionTime": 1.5,
	"FlipAngle": 90,
	"PartialFourier": 1,
	"BaseResolution": 64,
	"ShimSetting": [
		-1969,
		-7159,
		-8448,
		267,
		49,
		-17,
		-262,
		75	],
	"TxRefAmp": 230.886,
	"PhaseResolution": 1,
	"ReceiveCoilName": "HeadNeck_64",
	"ReceiveCoilActiveElements": "HC1-7;NC1",
	"PulseSequenceDetails": "%SiemensSeq%\\ep2d_bold",
	"RefLinesPE": 32,
	"ConsistencyInfo": "N4_VE11E_LATEST_20181129",
	"MultibandAccelerationFactor": 2,
	"PercentPhaseFOV": 100,
	"PercentSampling": 100,
	"EchoTrainLength": 64,
	"PhaseEncodingSteps": 64,
	"AcquisitionMatrixPE": 64,
	"ReconMatrixPE": 64,
	"BandwidthPerPixelPhaseEncode": 31.888,
	"EffectiveEchoSpacing": 0.000489996,
	"DerivedVendorReportedEchoSpacing": 0.000489996,
	"TotalReadoutTime": 0.0308698,
	"PixelBandwidth": 2520,
	"DwellTime": 3.1e-06,
	"PhaseEncodingDirection": "j-",
	"SliceTiming": [
		0.7075,
		0,
		0.7725,
		0.065,
		0.8375,
		0.1275,
		0.9,
		0.1925,
		0.965,
		0.2575,
		1.03,
		0.3225,
		1.0925,
		0.385,
		1.1575,
		0.45,
		1.2225,
		0.515,
		1.2875,
		0.58,
		1.35,
		0.6425,
		1.415,
		0.7075,
		0,
		0.7725,
		0.065,
		0.8375,
		0.1275,
		0.9,
		0.1925,
		0.965,
		0.2575,
		1.03,
		0.3225,
		1.0925,
		0.385,
		1.1575,
		0.45,
		1.2225,
		0.515,
		1.2875,
		0.58,
		1.35,
		0.6425,
		1.415	],
	"ImageOrientationPatientDICOM": [
		0.99836,
		-0.00599399,
		-0.056934,
		4.14256e-08,
		0.994504,
		-0.1047	],
	"InPlanePhaseEncodingDirectionDICOM": "COL",
	"ConversionSoftware": "dcm2niix",
	"ConversionSoftwareVersion": "v1.0.20201102"
}
